GEM
  remote: http://rubygems.org/
  specs:
    activemodel (3.2.1)
      activesupport (= 3.2.1)
      builder (~> 3.0.0)
    activerecord (3.2.1)
      activemodel (= 3.2.1)
      activesupport (= 3.2.1)
      arel (~> 3.0.0)
      tzinfo (~> 0.3.29)
    activesupport (3.2.1)
      i18n (~> 0.6)
      multi_json (~> 1.0)
    arel (3.0.0)
    awesome_print (1.0.2)
    builder (3.0.0)
    gems (0.5.1)
    gnuplot (2.3.6)
    i18n (0.6.0)
    multi_json (1.0.4)
    sequel (3.32.0)
    sqlite3 (1.3.5)
    tapp (1.3.0)
      thor
    thor (0.14.6)
    tzinfo (0.3.31)

PLATFORMS
  ruby

DEPENDENCIES
  activerecord
  awesome_print
  gems
  gnuplot
  sequel
  sqlite3
  tapp
